GEM
  remote: https://rubygems.org/
  specs:
    alfred-workflow (2.0.5)
    builder (3.2.2)
    clipboard (1.0.6)
    gyoku (1.3.1)
    nori (2.6.0)
    plist (3.1.0)
    terminal-notifier (1.6.3)

PLATFORMS
  ruby

DEPENDENCIES
  alfred-workflow
  builder
  clipboard
  gyoku
  nori
  plist
  terminal-notifier

BUNDLED WITH
   1.10.5
